GEM
  remote: https://rubygems.org/
  specs:
    rexml (3.3.8)
    ruby-dbus (0.23.1)
      rexml
    ruby-notify-send (0.0.1)
      ruby-dbus

PLATFORMS
  ruby
  x86_64-linux

DEPENDENCIES
  ruby-notify-send

BUNDLED WITH
   2.5.16
